GEM
  remote: https://rubygems.org/
  specs:
    ast (2.2.0)
    aws-sdk (2.3.7)
      aws-sdk-resources (= 2.3.7)
    aws-sdk-core (2.3.7)
      jmespath (~> 1.0)
    aws-sdk-resources (2.3.7)
      aws-sdk-core (= 2.3.7)
    concurrent-ruby (1.0.2)
    concurrent-ruby-edge (0.2.2)
      concurrent-ruby (~> 1.0.2)
    diff-lcs (1.2.5)
    jmespath (1.2.4)
      json_pure (>= 1.8.1)
    json_pure (1.8.3)
    parser (2.3.1.0)
      ast (~> 2.2)
    powerpack (0.1.1)
    rainbow (2.1.0)
    rspec (3.5.0)
      rspec-core (~> 3.5.0)
      rspec-expectations (~> 3.5.0)
      rspec-mocks (~> 3.5.0)
    rspec-core (3.5.2)
      rspec-support (~> 3.5.0)
    rspec-expectations (3.5.0)
      diff-lcs (>= 1.2.0, < 2.0)
      rspec-support (~> 3.5.0)
    rspec-mocks (3.5.0)
      diff-lcs (>= 1.2.0, < 2.0)
      rspec-support (~> 3.5.0)
    rspec-support (3.5.0)
    rubocop (0.40.0)
      parser (>= 2.3.1.0, < 3.0)
      powerpack (~> 0.1)
      rainbow (>= 1.99.1, < 3.0)
      ruby-progressbar (~> 1.7)
      unicode-display_width (~> 1.0, >= 1.0.1)
    ruby-progressbar (1.8.1)
    unicode-display_width (1.0.5)

PLATFORMS
  ruby
  x64-mingw32

DEPENDENCIES
  aws-sdk (~> 2.2)
  concurrent-ruby (~> 1.0.0)
  concurrent-ruby-edge (~> 0.2.0)
  rspec
  rubocop

BUNDLED WITH
   1.11.2
